GEM
  remote: https://rubygems.org/
  specs:
    concurrent-ruby (1.1.5)
    dry-core (0.4.7)
      concurrent-ruby (~> 1.0)
    dry-equalizer (0.2.2)
    dry-matcher (0.7.0)
    dry-monads (1.2.0)
      concurrent-ruby (~> 1.0)
      dry-core (~> 0.4, >= 0.4.4)
      dry-equalizer
    json (2.2.0)
    rack (2.2.3)
    roda (3.20.0)
      rack
    sorbet (0.4.4304)
      sorbet-static (= 0.4.4304)
    sorbet-runtime (0.4.4304)
    sorbet-static (0.4.4304-universal-darwin-14)

PLATFORMS
  ruby

DEPENDENCIES
  dry-matcher
  dry-monads
  json
  roda
  sorbet
  sorbet-runtime

BUNDLED WITH
   1.16.4
